GEM
  remote: https://rubygems.org/
  specs:
    builder (3.2.0)
    capybara (2.0.0)
      mime-types (>= 1.16)
      nokogiri (>= 1.3.3)
      rack (>= 1.0.0)
      rack-test (>= 0.5.4)
      selenium-webdriver (~> 2.0)
      xpath (~> 1.0.0)
    childprocess (0.3.6)
      ffi (~> 1.0, >= 1.0.6)
    coderay (1.0.8)
    cucumber (1.3.1)
      builder (>= 2.1.2)
      diff-lcs (>= 1.1.3)
      gherkin (~> 2.12.0)
      multi_json (~> 1.3)
    cucumber-sinatra (0.5.0)
      templater (>= 1.0.0)
    daemons (1.1.9)
    diff-lcs (1.2.1)
    eventmachine (1.0.3)
    extlib (0.9.16)
    fastimage (1.4.0)
    ffi (1.2.0)
    gherkin (2.12.0)
      multi_json (~> 1.3)
    gli (2.5.6)
    gon-sinatra (0.1.0)
      sinatra
    haml (4.0.0)
      tilt
    highline (1.6.19)
    i18n (0.6.4)
    json (1.7.7)
    libwebsocket (0.1.6.1)
      websocket
    localeapp (0.6.9)
      gli
      i18n
      json
      rest-client
      ya2yaml
    method_source (0.8.1)
    mime-types (1.23)
    multi_json (1.6.1)
    nokogiri (1.5.5)
    pry (0.9.12.1)
      coderay (~> 1.0.5)
      method_source (~> 0.8)
      slop (~> 3.4)
    puma (1.6.3)
      rack (~> 1.2)
    rack (1.5.2)
    rack-contrib (1.1.0)
      rack (>= 0.9.1)
    rack-protection (1.5.0)
      rack
    rack-test (0.6.2)
      rack (>= 1.0)
    rdiscount (2.0.7.1)
    rest-client (1.6.7)
      mime-types (>= 1.16)
    rspec (2.13.0)
      rspec-core (~> 2.13.0)
      rspec-expectations (~> 2.13.0)
      rspec-mocks (~> 2.13.0)
    rspec-core (2.13.1)
    rspec-expectations (2.13.0)
      diff-lcs (>= 1.1.3, < 2.0)
    rspec-mocks (2.13.0)
    rubyzip (0.9.9)
    selenium-webdriver (2.26.0)
      childprocess (>= 0.2.5)
      libwebsocket (~> 0.1.3)
      multi_json (~> 1.0)
      rubyzip
    shotgun (0.9)
      rack (>= 1.0)
    sinatra (1.3.5)
      rack (~> 1.4)
      rack-protection (~> 1.3)
      tilt (~> 1.3, >= 1.3.3)
    slop (3.4.3)
    templater (1.0.0)
      diff-lcs (>= 1.1.2)
      extlib (>= 0.9.5)
      highline (>= 1.4.0)
    thin (1.5.0)
      daemons (>= 1.0.9)
      eventmachine (>= 0.12.6)
      rack (>= 1.0.0)
    tilt (1.3.6)
    websocket (1.0.7)
    xpath (1.0.0)
      nokogiri (~> 1.3)
    ya2yaml (0.31)

PLATFORMS
  ruby

DEPENDENCIES
  bundler
  capybara
  cucumber
  cucumber-sinatra
  fastimage
  gon-sinatra
  haml
  i18n
  localeapp
  pry
  puma
  rack
  rack-contrib
  rack-test
  rdiscount
  rspec
  shotgun
  sinatra
  thin
